GIT
  remote: https://github.com/Swirrl/publish_my_data.git
  revision: a5361668dc612e70686064aa2469af76e5ccd332
  branch: legacy
  specs:
    publish_my_data (0.0.33)
      aws-sdk
      kaminari
      rails (~> 3.2)
      rdf (~> 1.0)
      rdiscount
      tripod (~> 0.7.24)

PATH
  remote: .
  specs:
    dclg_stats_selector (0.1.0)
      haml
      jquery-rails
      jquery-rails
      publish_my_data
      rails (~> 3.2.13)
      sass
      sparql-client

GEM
  remote: https://rubygems.org/
  specs:
    actionmailer (3.2.15)
      actionpack (= 3.2.15)
      mail (~> 2.5.4)
    actionpack (3.2.15)
      activemodel (= 3.2.15)
      activesupport (= 3.2.15)
      builder (~> 3.0.0)
      erubis (~> 2.7.0)
      journey (~> 1.0.4)
      rack (~> 1.4.5)
      rack-cache (~> 1.2)
      rack-test (~> 0.6.1)
      sprockets (~> 2.2.1)
    activemodel (3.2.15)
      activesupport (= 3.2.15)
      builder (~> 3.0.0)
    activerecord (3.2.15)
      activemodel (= 3.2.15)
      activesupport (= 3.2.15)
      arel (~> 3.0.2)
      tzinfo (~> 0.3.29)
    activeresource (3.2.15)
      activemodel (= 3.2.15)
      activesupport (= 3.2.15)
    activesupport (3.2.15)
      i18n (~> 0.6, >= 0.6.4)
      multi_json (~> 1.0)
    addressable (2.3.5)
    arel (3.0.2)
    awesome_print (1.2.0)
    aws-sdk (1.11.1)
      json (~> 1.4)
      nokogiri (>= 1.4.4)
      uuidtools (~> 2.1)
    backports (3.3.5)
    builder (3.0.4)
    capybara (2.1.0)
      mime-types (>= 1.16)
      nokogiri (>= 1.3.3)
      rack (>= 1.0.0)
      rack-test (>= 0.5.4)
      xpath (~> 2.0)
    cliver (0.2.2)
    dalli (2.6.4)
    diff-lcs (1.2.4)
    ebnf (0.3.1)
      rdf
      sxp
    equivalent-xml (0.3.0)
      nokogiri (>= 1.4.3)
    erubis (2.7.0)
    factory_girl (4.2.0)
      activesupport (>= 3.0.0)
    factory_girl_rails (4.2.1)
      factory_girl (~> 4.2.0)
      railties (>= 3.0.0)
    fuubar (1.2.1)
      rspec (~> 2.0)
      rspec-instafail (~> 0.2.0)
      ruby-progressbar (~> 1.0)
    guid (0.1.1)
    haml (4.0.3)
      tilt
    hike (1.2.3)
    i18n (0.6.5)
    journey (1.0.4)
    jquery-rails (3.0.4)
      railties (>= 3.0, < 5.0)
      thor (>= 0.14, < 2.0)
    json (1.8.1)
    json-ld (0.9.1)
      backports
      json (>= 1.7.5)
      rdf (>= 1.0)
    json_pure (1.8.1)
    kaminari (0.14.1)
      actionpack (>= 3.0.0)
      activesupport (>= 3.0.0)
    launchy (2.3.0)
      addressable (~> 2.3)
    mail (2.5.4)
      mime-types (~> 1.16)
      treetop (~> 1.4.8)
    mime-types (1.25)
    mini_portile (0.5.1)
    multi_json (1.8.2)
    net-http-persistent (2.9)
    nokogiri (1.6.0)
      mini_portile (~> 0.5.0)
    poltergeist (1.4.1)
      capybara (~> 2.1.0)
      cliver (~> 0.2.1)
      multi_json (~> 1.0)
      websocket-driver (>= 0.2.0)
    polyglot (0.3.3)
    rack (1.4.5)
    rack-cache (1.2)
      rack (>= 0.4)
    rack-ssl (1.3.3)
      rack
    rack-test (0.6.2)
      rack (>= 1.0)
    rails (3.2.15)
      actionmailer (= 3.2.15)
      actionpack (= 3.2.15)
      activerecord (= 3.2.15)
      activeresource (= 3.2.15)
      activesupport (= 3.2.15)
      bundler (~> 1.0)
      railties (= 3.2.15)
    railties (3.2.15)
      actionpack (= 3.2.15)
      activesupport (= 3.2.15)
      rack-ssl (~> 1.3.2)
      rake (>= 0.8.7)
      rdoc (~> 3.4)
      thor (>= 0.14.6, < 2.0)
    rake (10.1.0)
    rdf (1.0.9)
      addressable (>= 2.3)
    rdf-json (1.0.0)
      json_pure (>= 1.4)
      rdf (>= 1.0)
    rdf-rdfxml (1.0.2)
      rdf (>= 1.0)
      rdf-xsd (>= 1.0)
    rdf-turtle (1.0.9)
      ebnf (>= 0.3.0)
      rdf (>= 1.0.7)
    rdf-xsd (1.0.2.1)
      nokogiri (>= 1.5.0)
      rdf (>= 0.3.4)
    rdiscount (2.1.7)
    rdoc (3.12.2)
      json (~> 1.4)
    rest-client (1.6.7)
      mime-types (>= 1.16)
    rspec (2.14.1)
      rspec-core (~> 2.14.0)
      rspec-expectations (~> 2.14.0)
      rspec-mocks (~> 2.14.0)
    rspec-core (2.14.5)
    rspec-expectations (2.14.3)
      diff-lcs (>= 1.1.3, < 2.0)
    rspec-instafail (0.2.4)
    rspec-mocks (2.14.3)
    rspec-rails (2.14.0)
      actionpack (>= 3.0)
      activesupport (>= 3.0)
      railties (>= 3.0)
      rspec-core (~> 2.14.0)
      rspec-expectations (~> 2.14.0)
      rspec-mocks (~> 2.14.0)
    ruby-prof (0.13.0)
    ruby-progressbar (1.2.0)
    sass (3.2.12)
    sparql-client (1.0.4.1)
      json_pure (>= 1.4)
      net-http-persistent (>= 1.4)
      rdf (>= 1.0)
    sprockets (2.2.2)
      hike (~> 1.2)
      multi_json (~> 1.0)
      rack (~> 1.0)
      tilt (~> 1.1, != 1.3.0)
    sxp (0.1.3)
      json (>= 1.1.1)
    term-ansicolor (1.2.2)
      tins (~> 0.8)
    thor (0.18.1)
    tilt (1.4.1)
    tins (0.12.0)
    treetop (1.4.15)
      polyglot
      polyglot (>= 0.3.1)
    tripod (0.7.24)
      activemodel (~> 3.2)
      dalli (~> 2.6)
      equivalent-xml
      guid
      json-ld (~> 0.9.1)
      rdf (~> 1.0)
      rdf-json
      rdf-rdfxml
      rdf-turtle
      rest-client
    tzinfo (0.3.38)
    uuidtools (2.1.4)
    websocket-driver (0.3.0)
    xpath (2.0.0)
      nokogiri (~> 1.3)

PLATFORMS
  ruby

DEPENDENCIES
  awesome_print
  capybara
  dclg_stats_selector!
  factory_girl_rails (~> 4.0)
  fuubar
  launchy
  poltergeist
  publish_my_data!
  rspec-rails (~> 2.0)
  ruby-prof
  term-ansicolor
